GEM
  remote: http://rubygems.org/
  specs:
    rack (2.0.6)

PLATFORMS
  ruby

DEPENDENCIES
  rack